GEM
  remote: https://rubygems.org/
  specs:
    bigdecimal (3.1.8)
    haml (6.3.0)
      temple (>= 0.8.2)
      thor
      tilt
    htmlentities (4.3.4)
    ox (2.14.18)
    parslet (2.0.0)
    plurimath (0.8.17)
      bigdecimal
      ox
      parslet
      thor
    temple (0.10.3)
    thor (1.3.2)
    tilt (2.4.0)
    unitsml (0.2.6)
      htmlentities
      plurimath

PLATFORMS
  x86_64-linux

DEPENDENCIES
  haml (~> 6.3)
  plurimath (~> 0.8.17)
  unitsml (~> 0.2.6)

BUNDLED WITH
   2.3.5
